GEM
  remote: https://rubygems.org/
  specs:
    httparty (0.21.0)
      mini_mime (>= 1.0.0)
      multi_xml (>= 0.5.2)
    json (1.8.6)
    mini_mime (1.1.2)
    multi_xml (0.6.0)
    rack (1.6.12)
    rack-protection (1.5.5)
      rack
    sinatra (1.4.8)
      rack (~> 1.5)
      rack-protection (~> 1.4)
      tilt (>= 1.3, < 3)
    tilt (2.0.10)

PLATFORMS
  ruby

DEPENDENCIES
  httparty (~> 0.21.0)
  json (~> 1.8, >= 1.8.3)
  sinatra (~> 1.4, >= 1.4.7)

BUNDLED WITH
   1.17.3
